GIT
  remote: git://github.com/rails/rails.git
  revision: 6d86762fd8f83896a6932614e9ac9bdc42102805
  specs:
    activemodel (4.2.0.alpha)
      activesupport (= 4.2.0.alpha)
      builder (~> 3.1)
    activesupport (4.2.0.alpha)
      i18n (>= 0.7.0.beta1, < 0.8)
      json (~> 1.7, >= 1.7.7)
      minitest (~> 5.1)
      thread_safe (~> 0.1)
      tzinfo (~> 1.1)

GEM
  remote: https://rubygems.org/
  specs:
    builder (3.2.2)
    i18n (0.7.0.beta1)
    json (1.8.1)
    minitest (5.4.0)
    rake (10.3.2)
    thread_safe (0.3.4)
    tzinfo (1.2.2)
      thread_safe (~> 0.1)

PLATFORMS
  ruby

DEPENDENCIES
  activemodel!
  activesupport!
  minitest
  rake
